GEM
  remote: https://rubygems.org/
  specs:
    libxml-ruby (2.9.0)
    ratom (0.9.0)
      libxml-ruby (~> 2.6)

PLATFORMS
  ruby

DEPENDENCIES
  ratom

BUNDLED WITH
   1.17.2
